PATH
  remote: .
  specs:
    hideable (0.1.0)

GEM
  remote: https://rubygems.org/
  specs:
    appraisal (0.5.2)
      bundler
      rake
    diff-lcs (1.2.4)
    rake (10.1.0)
    rspec (2.14.0)
      rspec-core (~> 2.14.0)
      rspec-expectations (~> 2.14.0)
      rspec-mocks (~> 2.14.0)
    rspec-core (2.14.2)
    rspec-expectations (2.14.0)
      diff-lcs (>= 1.1.3, < 2.0)
    rspec-mocks (2.14.1)
    sqlite3 (1.3.6)
    timecop (0.6.1)

PLATFORMS
  ruby

DEPENDENCIES
  appraisal (~> 0.5.2)
  hideable!
  rake (~> 10.1.0)
  rspec (~> 2.14.0)
  sqlite3 (~> 1.3.6)
  timecop (~> 0.6.1)
